GEM
  remote: http://rubygems.org/
  specs:
    childprocess (4.1.0)
    diff-lcs (1.4.4)
    hash-deep-merge (0.1.1)
    ipaddr (1.2.3)
    mini_portile2 (2.6.1)
    nokogiri (1.12.5)
      mini_portile2 (~> 2.6.1)
      racc (~> 1.4)
    openssl (2.2.1)
      ipaddr
    pg (1.2.3)
    racc (1.6.0)
    rake (13.0.6)
    rexml (3.2.5)
    rspec (3.10.0)
      rspec-core (~> 3.10.0)
      rspec-expectations (~> 3.10.0)
      rspec-mocks (~> 3.10.0)
    rspec-core (3.10.1)
      rspec-support (~> 3.10.0)
    rspec-expectations (3.10.1)
      diff-lcs (>= 1.2.0, < 2.0)
      rspec-support (~> 3.10.0)
    rspec-mocks (3.10.1)
      diff-lcs (>= 1.2.0, < 2.0)
      rspec-support (~> 3.10.0)
    rspec-support (3.10.1)
    rubyzip (2.3.2)
    selenium-webdriver (4.0.3)
      childprocess (>= 0.5, < 5.0)
      rexml (~> 3.2, >= 3.2.5)
      rubyzip (>= 1.2.2)

PLATFORMS
  ruby

DEPENDENCIES
  hash-deep-merge (= 0.1.1)
  nokogiri (= 1.12.5)
  openssl (= 2.2.1)
  pg (= 1.2.3)
  rake (= 13.0.6)
  rspec (= 3.10.0)
  selenium-webdriver (= 4.0.3)

BUNDLED WITH
   1.17.3
