GEM
  remote: http://rubygems.org/
  specs:
    activesupport (6.0.3.1)
      concurrent-ruby (~> 1.0, >= 1.0.2)
      i18n (>= 0.7, < 2)
      minitest (~> 5.1)
      tzinfo (~> 1.1)
      zeitwerk (~> 2.2, >= 2.2.2)
    childprocess (4.1.0)
    concurrent-ruby (1.1.6)
    diff-lcs (1.4.4)
    hash-deep-merge (0.1.1)
    i18n (1.8.2)
      concurrent-ruby (~> 1.0)
    ipaddr (1.2.3)
    mini_portile2 (2.6.1)
    minitest (5.14.1)
    nokogiri (1.12.5)
      mini_portile2 (~> 2.6.1)
      racc (~> 1.4)
    openssl (2.2.1)
      ipaddr
    pg (1.2.3)
    racc (1.6.0)
    rake (13.0.6)
    redshift-client (0.3.0)
      activesupport (>= 4)
      pg
    rexml (3.2.5)
    rspec (3.10.0)
      rspec-core (~> 3.10.0)
      rspec-expectations (~> 3.10.0)
      rspec-mocks (~> 3.10.0)
    rspec-core (3.10.1)
      rspec-support (~> 3.10.0)
    rspec-expectations (3.10.1)
      diff-lcs (>= 1.2.0, < 2.0)
      rspec-support (~> 3.10.0)
    rspec-mocks (3.10.1)
      diff-lcs (>= 1.2.0, < 2.0)
      rspec-support (~> 3.10.0)
    rspec-support (3.10.1)
    rubyzip (2.3.2)
    selenium-webdriver (4.0.3)
      childprocess (>= 0.5, < 5.0)
      rexml (~> 3.2, >= 3.2.5)
      rubyzip (>= 1.2.2)
    thread_safe (0.3.6)
    tzinfo (1.2.7)
      thread_safe (~> 0.1)
    zeitwerk (2.3.0)

PLATFORMS
  ruby

DEPENDENCIES
  hash-deep-merge (= 0.1.1)
  nokogiri (= 1.12.5)
  openssl (= 2.2.1)
  pg (= 1.2.3)
  rake (= 13.0.6)
  redshift-client (= 0.3.0)
  rspec (= 3.10.0)
  selenium-webdriver (= 4.0.3)

BUNDLED WITH
   1.17.3
